GEM
  remote: https://rubygems.org/
  specs:
    bcrypt (3.1.11)
    mustermann (1.0.0)
    pg (0.21.0)
    rack (2.0.3)
    rack-protection (2.0.0)
      rack
    sequel (4.49.0)
    sinatra (2.0.0)
      mustermann (~> 1.0)
      rack (~> 2.0)
      rack-protection (= 2.0.0)
      tilt (~> 2.0)
    tilt (2.0.8)

PLATFORMS
  ruby

DEPENDENCIES
  bcrypt (~> 3.1, >= 3.1.11)
  pg (~> 0.21.0)
  sequel (~> 4.49)
  sinatra (~> 2.0)

RUBY VERSION
   ruby 2.4.0p0

BUNDLED WITH
   1.15.3
